GEM
  remote: https://rubygems.org/
  specs:
    activemodel (4.2.5)
      activesupport (= 4.2.5)
      builder (~> 3.1)
    activerecord (4.2.5)
      activemodel (= 4.2.5)
      activesupport (= 4.2.5)
      arel (~> 6.0)
    activesupport (4.2.5)
      i18n (~> 0.7)
      json (~> 1.7, >= 1.7.7)
      minitest (~> 5.1)
      thread_safe (~> 0.3, >= 0.3.4)
      tzinfo (~> 1.1)
    addressable (2.4.0)
    arel (6.0.3)
    backports (3.6.7)
    bcrypt (3.1.11)
    bcrypt-ruby (3.1.5)
      bcrypt (>= 3.1.3)
    bond (0.5.1)
    builder (3.2.2)
    coderay (1.1.0)
    data_mapper (1.2.0)
      dm-aggregates (~> 1.2.0)
      dm-constraints (~> 1.2.0)
      dm-core (~> 1.2.0)
      dm-migrations (~> 1.2.0)
      dm-serializer (~> 1.2.0)
      dm-timestamps (~> 1.2.0)
      dm-transactions (~> 1.2.0)
      dm-types (~> 1.2.0)
      dm-validations (~> 1.2.0)
    data_objects (0.10.17)
      addressable (~> 2.1)
    dm-aggregates (1.2.0)
      dm-core (~> 1.2.0)
    dm-constraints (1.2.0)
      dm-core (~> 1.2.0)
    dm-core (1.2.1)
      addressable (~> 2.3)
    dm-do-adapter (1.2.0)
      data_objects (~> 0.10.6)
      dm-core (~> 1.2.0)
    dm-migrations (1.2.0)
      dm-core (~> 1.2.0)
    dm-serializer (1.2.2)
      dm-core (~> 1.2.0)
      fastercsv (~> 1.5)
      json (~> 1.6)
      json_pure (~> 1.6)
      multi_json (~> 1.0)
    dm-sqlite-adapter (1.2.0)
      dm-do-adapter (~> 1.2.0)
      do_sqlite3 (~> 0.10.6)
    dm-timestamps (1.2.0)
      dm-core (~> 1.2.0)
    dm-transactions (1.2.0)
      dm-core (~> 1.2.0)
    dm-types (1.2.2)
      bcrypt-ruby (~> 3.0)
      dm-core (~> 1.2.0)
      fastercsv (~> 1.5)
      json (~> 1.6)
      multi_json (~> 1.0)
      stringex (~> 1.4)
      uuidtools (~> 2.1)
    dm-validations (1.2.0)
      dm-core (~> 1.2.0)
    do_sqlite3 (0.10.17)
      data_objects (= 0.10.17)
    fastercsv (1.5.5)
    i18n (0.7.0)
    json (1.8.3)
    json_pure (1.8.3)
    method_source (0.8.2)
    minitest (5.8.3)
    multi_json (1.11.2)
    pry (0.10.3)
      coderay (~> 1.1.0)
      method_source (~> 0.8.1)
      slop (~> 3.4)
    puma (2.15.3)
    rack (1.6.4)
    rack-protection (1.5.3)
      rack
    rack-test (0.6.3)
      rack (>= 1.0)
    rake (10.4.2)
    ripl (0.7.1)
      bond (~> 0.5.1)
    ripl-multi_line (0.3.1)
      ripl (>= 0.3.6)
    ripl-rack (0.2.1)
      rack (>= 1.0)
      rack-test (~> 0.6.2)
      ripl (>= 0.7.0)
    shotgun (0.9.1)
      rack (>= 1.0)
    sinatra (1.4.6)
      rack (~> 1.4)
      rack-protection (~> 1.4)
      tilt (>= 1.3, < 3)
    sinatra-activerecord (2.0.9)
      activerecord (>= 3.2)
      sinatra (~> 1.0)
    sinatra-contrib (1.4.6)
      backports (>= 2.0)
      multi_json
      rack-protection
      rack-test
      sinatra (~> 1.4.0)
      tilt (>= 1.3, < 3)
    slop (3.6.0)
    sqlite3 (1.3.11)
    stringex (1.5.1)
    thread_safe (0.3.5)
    tilt (2.0.1)
    tux (0.3.0)
      ripl (>= 0.3.5)
      ripl-multi_line (>= 0.2.4)
      ripl-rack (>= 0.2.0)
      sinatra (>= 1.2.1)
    tzinfo (1.2.2)
      thread_safe (~> 0.1)
    uuidtools (2.1.5)

PLATFORMS
  ruby

DEPENDENCIES
  activesupport
  data_mapper
  dm-sqlite-adapter
  pry
  puma
  rake
  shotgun
  sinatra
  sinatra-activerecord
  sinatra-contrib
  sqlite3
  tux
